GEM
  remote: https://rubygems.org/
  specs:
    dry-cli (0.7.0)
    pdf-core (0.9.0)
    prawn (2.4.0)
      pdf-core (~> 0.9.0)
      ttfunk (~> 1.7)
    prawn-table (0.2.2)
      prawn (>= 1.3.0, < 3.0.0)
    ttfunk (1.7.0)

PLATFORMS
  ruby
  x86_64-darwin-20

DEPENDENCIES
  dry-cli (~> 0.7)
  prawn (~> 2.4)
  prawn-table (~> 0.2.2)

RUBY VERSION
   ruby 2.7.4p191

BUNDLED WITH
   2.2.27
